GEM
  remote: https://rubygems.org/
  specs:
    coderay (1.1.3)
    method_source (1.0.0)
    pry (0.14.2)
      coderay (~> 1.1)
      method_source (~> 1.0)
    rack (1.6.13)

PLATFORMS
  x86_64-darwin-22

DEPENDENCIES
  pry
  rack (~> 1.6, >= 1.6.4)

BUNDLED WITH
   2.3.22
